GEM
  remote: https://rubygems.org/
  specs:
    nokogiri (1.13.10-arm64-darwin)
      racc (~> 1.4)
    nokogiri (1.13.10-x86_64-darwin)
      racc (~> 1.4)
    racc (1.6.2)
    rexml (3.2.5)
    rubyzip (2.3.2)
    selenium-webdriver (4.7.1)
      rexml (~> 3.2, >= 3.2.5)
      rubyzip (>= 1.2.2, < 3.0)
      websocket (~> 1.0)
    webdrivers (5.2.0)
      nokogiri (~> 1.6)
      rubyzip (>= 1.3.0)
      selenium-webdriver (~> 4.0)
    websocket (1.2.9)

PLATFORMS
  arm64-darwin-21
  x86_64-darwin-21

DEPENDENCIES
  nokogiri (~> 1.13, >= 1.13.10)
  webdrivers (~> 5.2)

BUNDLED WITH
   2.4.2
